PATH
  remote: .
  specs:
    top_box (0.1.2)

GEM
  remote: https://rubygems.org/
  specs:
    rake (13.0.1)

PLATFORMS
  ruby

DEPENDENCIES
  bundler (~> 1.16)
  rake (~> 13.0)
  top_box!

BUNDLED WITH
   1.16.6
